PATH
  remote: .
  specs:
    gocd-monitor (0.1.0)
      CFPropertyList (= 2.2.8)
      facter (= 2.4.6)
      faraday (= 0.9.2)
      net-http-persistent (= 2.9.4)
      nokogiri (= 1.6.8)

GEM
  remote: https://rubygems.org/
  specs:
    CFPropertyList (2.2.8)
    diff-lcs (1.2.5)
    facter (2.4.6)
    faraday (0.9.2)
      multipart-post (>= 1.2, < 3)
    multipart-post (2.0.0)
    net-http-persistent (2.9.4)
    nokogiri (1.6.8-java)
    rake (10.5.0)
    rspec (3.4.0)
      rspec-core (~> 3.4.0)
      rspec-expectations (~> 3.4.0)
      rspec-mocks (~> 3.4.0)
    rspec-core (3.4.4)
      rspec-support (~> 3.4.0)
    rspec-expectations (3.4.0)
      diff-lcs (>= 1.2.0, < 2.0)
      rspec-support (~> 3.4.0)
    rspec-mocks (3.4.1)
      diff-lcs (>= 1.2.0, < 2.0)
      rspec-support (~> 3.4.0)
    rspec-support (3.4.1)

PLATFORMS
  java

DEPENDENCIES
  bundler (= 1.12.5)
  gocd-monitor!
  rake (= 10.5.0)
  rspec (= 3.4.0)

BUNDLED WITH
   1.12.5
